GEM
  remote: http://rubygems.org/
  specs:
    POpen4 (0.1.4)
      Platform (>= 0.4.0)
      open4
    Platform (0.4.0)
    archetype (0.0.1.pre.3.55c4182)
      compass
      sass
    chunky_png (1.2.7)
    classifier (1.3.3)
      fast-stemmer (>= 1.0.0)
    coderay (1.0.8)
    compass (0.12.2)
      chunky_png (~> 1.2)
      fssm (>= 0.2.7)
      sass (~> 3.1)
    directory_watcher (1.4.1)
    fast-stemmer (1.0.1)
    foreman (0.61.0)
      thor (>= 0.13.6)
    fssm (0.2.9)
    guard (1.6.1)
      listen (>= 0.6.0)
      lumberjack (>= 1.0.2)
      pry (>= 0.9.10)
      thor (>= 0.14.6)
    guard-jammit (1.0.1)
      guard (>= 1.1.0)
      jammit
    jammit (0.6.5)
      yui-compressor (>= 0.9.3)
    jekyll (0.12.0)
      classifier (~> 1.3)
      directory_watcher (~> 1.1)
      kramdown (~> 0.13.4)
      liquid (~> 2.3)
      maruku (~> 0.5)
      pygments.rb (~> 0.3.2)
    kramdown (0.13.8)
    liquid (2.4.1)
    listen (0.7.2)
    lumberjack (1.0.2)
    maruku (0.6.1)
      syntax (>= 1.0.0)
    method_source (0.8.1)
    open4 (1.3.0)
    posix-spawn (0.3.6)
    pry (0.9.11.4)
      coderay (~> 1.0.5)
      method_source (~> 0.8)
      slop (~> 3.4)
    pygments.rb (0.3.7)
      posix-spawn (~> 0.3.6)
      yajl-ruby (~> 1.1.0)
    rake (10.0.3)
    rb-fsevent (0.9.3)
    rdiscount (1.6.8)
    sass (3.2.5)
    slop (3.4.3)
    syntax (1.0.0)
    thor (0.16.0)
    yajl-ruby (1.1.0)
    yui-compressor (0.9.6)
      POpen4 (>= 0.1.4)

PLATFORMS
  ruby

DEPENDENCIES
  archetype (= 0.0.1.pre.3.55c4182)
  compass
  foreman
  guard-jammit
  jammit
  jekyll
  rake
  rb-fsevent (~> 0.9.1)
  rdiscount
